PATH
  remote: .
  specs:
    persistent-cache-storage-sqlite (0.1.4)
      eh (~> 1.0.0)
      persistent-cache-storage-api (~> 0.1)
      sqlite3 (~> 1.4)

GEM
  remote: https://rubygems.org/
  specs:
    byebug (9.0.6)
    coveralls (0.8.23)
      json (>= 1.8, < 3)
      simplecov (~> 0.16.1)
      term-ansicolor (~> 1.3)
      thor (>= 0.19.4, < 2.0)
      tins (~> 1.6)
    diff-lcs (1.3)
    docile (1.3.2)
    eh (1.0.0)
    json (2.3.1)
    persistent-cache-storage-api (0.1.5)
    rake (12.3.2)
    rspec (3.8.0)
      rspec-core (~> 3.8.0)
      rspec-expectations (~> 3.8.0)
      rspec-mocks (~> 3.8.0)
    rspec-core (3.8.2)
      rspec-support (~> 3.8.0)
    rspec-expectations (3.8.4)
      diff-lcs (>= 1.2.0, < 2.0)
      rspec-support (~> 3.8.0)
    rspec-mocks (3.8.1)
      diff-lcs (>= 1.2.0, < 2.0)
      rspec-support (~> 3.8.0)
    rspec-support (3.8.2)
    simplecov (0.16.1)
      docile (~> 1.1)
      json (>= 1.8, < 3)
      simplecov-html (~> 0.10.0)
    simplecov-html (0.10.2)
    sqlite3 (1.4.1)
    term-ansicolor (1.7.1)
      tins (~> 1.0)
    thor (0.20.3)
    tins (1.20.3)

PLATFORMS
  ruby

DEPENDENCIES
  bundler (~> 1.3)
  byebug (~> 9.0)
  coveralls (~> 0.8)
  persistent-cache-storage-sqlite!
  rake (~> 12.3)
  rspec (~> 3.8)

BUNDLED WITH
   1.16.6
